GEM
  remote: http://rubygems.org/
  specs:
    activemodel (3.2.0)
      activesupport (= 3.2.0)
      builder (~> 3.0.0)
    activerecord (3.2.0)
      activemodel (= 3.2.0)
      activesupport (= 3.2.0)
      arel (~> 3.0.0)
      tzinfo (~> 0.3.29)
    activesupport (3.2.0)
      i18n (~> 0.6)
      multi_json (~> 1.0)
    arel (3.0.3)
    builder (3.0.4)
    haml (4.0.5)
      tilt
    i18n (0.6.11)
    multi_json (1.10.1)
    pg (0.17.1)
    rack (1.5.2)
    rack-flash3 (1.0.5)
      rack
    rack-protection (1.5.3)
      rack
    rake (10.3.2)
    sinatra (1.4.5)
      rack (~> 1.4)
      rack-protection (~> 1.4)
      tilt (~> 1.3, >= 1.3.4)
    sinatra-activerecord (2.0.2)
      activerecord (>= 3.2)
      sinatra (~> 1.0)
    sqlite3 (1.3.9)
    tilt (1.4.1)
    tzinfo (0.3.40)

PLATFORMS
  ruby

DEPENDENCIES
  activerecord (= 3.2.0)
  haml
  pg
  rack-flash3
  rake
  sinatra
  sinatra-activerecord
  sqlite3
